PATH
  remote: .
  specs:
    rsrs (0.1.0)
      bindata
      concurrent-ruby
      sequel
      sorbet-runtime
      sqlite3

GEM
  remote: https://rubygems.org/
  specs:
    bindata (2.4.4)
    coderay (1.1.2)
    concurrent-ruby (1.1.5)
    ffi (1.12.1)
    get_process_mem (0.2.5)
      ffi (~> 1.0)
    method_source (0.9.2)
    minitest (5.14.0)
    pry (0.12.2)
      coderay (~> 1.1.0)
      method_source (~> 0.9.0)
    rake (12.3.3)
    sequel (5.28.0)
    sorbet (0.5.5313)
      sorbet-static (= 0.5.5313)
    sorbet-runtime (0.5.5313)
    sorbet-static (0.5.5313-universal-darwin-14)
    sqlite3 (1.4.2)

PLATFORMS
  ruby

DEPENDENCIES
  get_process_mem
  minitest (~> 5.0)
  pry
  rake (~> 12.0)
  rsrs!
  sorbet

BUNDLED WITH
   2.1.2
