GEM
  remote: http://rubygems.org/
  specs:
    eventmachine (0.12.10)
    little-plugger (1.1.3)
    logging (1.7.1)
      little-plugger (>= 1.1.3)
    rufus-scheduler (2.0.16)
      tzinfo (>= 0.3.23)
    sqlite3 (1.3.5)
    to_regexp (0.1.1)
    tzinfo (0.3.32)
    xml-simple (1.1.1)

PLATFORMS
  ruby

DEPENDENCIES
  eventmachine (~> 0.12)
  logging (~> 1.3)
  rufus-scheduler (~> 2.0)
  sqlite3 (~> 1.3)
  to_regexp (~> 0.1)
  xml-simple (~> 1.1)
