GEM
  remote: https://www.rubygems.org/
  specs:
    console (1.9.0)
    dotenv (2.7.6)
    pastel (0.8.0)
      tty-color (~> 0.5)
    polyphony (0.45.1)
    rake (13.0.1)
    tty-color (0.5.2)

PLATFORMS
  ruby

DEPENDENCIES
  console
  dotenv
  pastel
  polyphony (= 0.45.1)
  rake

BUNDLED WITH
   1.17.2
