GEM
  remote: https://rubygems.org/
  specs:
    async (1.27.0)
      console (~> 1.10)
      nio4r (~> 2.3)
      timers (~> 4.1)
    async-container (0.16.8)
      async (~> 1.0)
      async-io (~> 1.26)
    async-io (1.30.1)
      async (~> 1.14)
    coderay (1.1.3)
    concurrent-ruby (1.1.7)
    console (1.10.1)
      fiber-local
    coveralls (0.7.2)
      multi_json (~> 1.3)
      rest-client (= 1.6.7)
      simplecov (>= 0.7)
      term-ansicolor (= 1.2.2)
      thor (= 0.18.1)
    diff-lcs (1.4.4)
    docile (1.3.3)
    druuid (1.0.2)
    faker (2.15.1)
      i18n (>= 1.6, < 2)
    ffi (1.13.1)
    fiber-local (1.0.0)
    get_process_mem (0.2.7)
      ffi (~> 1.0)
    i18n (1.8.5)
      concurrent-ruby (~> 1.0)
    little-plugger (1.1.4)
    logging (2.3.0)
      little-plugger (~> 1.1)
      multi_json (~> 1.14)
    method_source (1.0.0)
    mime-types (3.3.1)
      mime-types-data (~> 3.2015)
    mime-types-data (3.2020.1104)
    minitest (5.14.2)
    multi_json (1.15.0)
    nio4r (2.5.4)
    oj (3.10.16)
    pastel (0.8.0)
      tty-color (~> 0.5)
    pg (1.2.3)
    pry (0.13.1)
      coderay (~> 1.1)
      method_source (~> 1.0)
    rake (13.0.1)
    rest-client (1.6.7)
      mime-types (>= 1.16)
    rspec (3.10.0)
      rspec-core (~> 3.10.0)
      rspec-expectations (~> 3.10.0)
      rspec-mocks (~> 3.10.0)
    rspec-core (3.10.0)
      rspec-support (~> 3.10.0)
    rspec-expectations (3.10.0)
      diff-lcs (>= 1.2.0, < 2.0)
      rspec-support (~> 3.10.0)
    rspec-mocks (3.10.0)
      diff-lcs (>= 1.2.0, < 2.0)
      rspec-support (~> 3.10.0)
    rspec-support (3.10.0)
    sequel (5.39.0)
    simplecov (0.20.0)
      docile (~> 1.1)
      simplecov-html (~> 0.11)
      simplecov_json_formatter (~> 0.1)
    simplecov-html (0.12.3)
    simplecov_json_formatter (0.1.2)
    sqlite3 (1.4.2)
    term-ansicolor (1.2.2)
      tins (~> 0.8)
    thor (0.18.1)
    timers (4.3.2)
    tins (0.13.2)
    tty-color (0.6.0)
    yard (0.9.25)

PLATFORMS
  x86_64-linux

DEPENDENCIES
  async
  async-container
  async-io
  concurrent-ruby
  console
  coveralls
  druuid
  faker
  get_process_mem
  logging
  minitest
  nio4r
  oj
  pastel
  pg
  pry
  rake
  rspec
  sequel
  simplecov
  sqlite3
  yard

BUNDLED WITH
   2.2.1
