GEM
  remote: https://rubygems.org/
  specs:
    async (1.26.2)
      console (~> 1.0)
      nio4r (~> 2.3)
      timers (~> 4.1)
    bindata (2.4.8)
    bzip2-ffi (1.0.0)
      ffi (~> 1.0)
    coderay (1.1.3)
    concurrent-ruby (1.1.7)
    console (1.9.0)
    digest-crc (0.6.1)
      rake (~> 13.0)
    dotenv (2.7.6)
    druuid (1.0.2)
    faker (2.14.0)
      i18n (>= 1.6, < 2)
    ffi (1.13.1)
    get_process_mem (0.2.7)
      ffi (~> 1.0)
    i18n (1.8.5)
      concurrent-ruby (~> 1.0)
    little-plugger (1.1.4)
    logging (2.3.0)
      little-plugger (~> 1.1)
      multi_json (~> 1.14)
    method_source (1.0.0)
    minitest (5.13.0)
    multi_json (1.15.0)
    nio4r (2.5.4)
    oj (3.10.14)
    parallel (1.19.2)
    pastel (0.8.0)
      tty-color (~> 0.5)
    pg (1.2.3)
    pry (0.13.1)
      coderay (~> 1.1)
      method_source (~> 1.0)
    rake (13.0.1)
    sequel (5.37.0)
    strings (0.2.0)
      strings-ansi (~> 0.2)
      unicode-display_width (~> 1.5)
      unicode_utils (~> 1.4)
    strings-ansi (0.2.0)
    timers (4.3.2)
    tty-color (0.5.2)
    tty-screen (0.8.1)
    tty-table (0.12.0)
      pastel (~> 0.8)
      strings (~> 0.2.0)
      tty-screen (~> 0.8)
    unicode-display_width (1.7.0)
    unicode_utils (1.4.0)
    yard (0.9.25)

PLATFORMS
  ruby

DEPENDENCIES
  async
  bindata
  bzip2-ffi
  console
  digest-crc
  dotenv
  druuid
  faker
  get_process_mem
  logging
  minitest
  nio4r
  oj
  parallel
  pastel
  pg
  pry
  rake
  sequel
  tty-table
  yard

BUNDLED WITH
   2.1.4
