GEM
  remote: https://rubygems.org/
  specs:
    coderay (1.1.3)
    concurrent-ruby (1.1.7)
    concurrent-ruby-ext (1.1.7)
      concurrent-ruby (= 1.1.7)
    diff-lcs (1.4.4)
    docile (1.3.4)
    druuid (1.0.2)
    eventmachine (1.2.7)
    faker (2.15.1)
      i18n (>= 1.6, < 2)
    ffi (1.15.0)
    get_process_mem (0.2.7)
      ffi (~> 1.0)
    i18n (1.8.5)
      concurrent-ruby (~> 1.0)
    method_source (1.0.0)
    minitest (5.14.2)
    oj (3.10.18)
    pastel (0.8.0)
      tty-color (~> 0.5)
    pg (1.2.3)
    pry (0.13.1)
      coderay (~> 1.1)
      method_source (~> 1.0)
    rake (13.0.3)
    rspec (3.10.0)
      rspec-core (~> 3.10.0)
      rspec-expectations (~> 3.10.0)
      rspec-mocks (~> 3.10.0)
    rspec-core (3.10.1)
      rspec-support (~> 3.10.0)
    rspec-expectations (3.10.1)
      diff-lcs (>= 1.2.0, < 2.0)
      rspec-support (~> 3.10.0)
    rspec-mocks (3.10.0)
      diff-lcs (>= 1.2.0, < 2.0)
      rspec-support (~> 3.10.0)
    rspec-support (3.10.1)
    sequel (5.34.0)
    simplecov (0.20.0)
      docile (~> 1.1)
      simplecov-html (~> 0.11)
      simplecov_json_formatter (~> 0.1)
    simplecov-html (0.12.3)
    simplecov_json_formatter (0.1.2)
    sqlite3 (1.4.2)
    tty-color (0.6.0)
    yard (0.9.26)

PLATFORMS
  x86_64-linux

DEPENDENCIES
  concurrent-ruby-ext
  druuid
  eventmachine
  faker
  get_process_mem
  minitest
  oj
  pastel
  pg
  pry
  rake
  rspec
  sequel
  simplecov
  sqlite3
  yard

RUBY VERSION
   ruby 2.7.2p137

BUNDLED WITH
   2.2.2
